GEM
  remote: https://rubygems.org/
  specs:
    bmi (0.2.0)

PLATFORMS
  ruby

DEPENDENCIES
  bmi (~> 0.2.0)

BUNDLED WITH
   1.14.6
